GEM
  remote: http://rubygems.org/
  specs:
    addressable (2.3.7)
    adsf (1.2.0)
      rack (>= 1.0.0)
    builder (3.2.2)
    celluloid (0.16.0)
      timers (~> 4.0.0)
    coderay (1.1.0)
    colored (1.2)
    cri (2.6.1)
      colored (~> 1.2)
    daemons (1.1.9)
    ethon (0.7.2)
      ffi (>= 1.3.0)
    eventmachine (1.0.7)
    ffi (1.9.6)
    formatador (0.2.5)
    fssm (0.2.10)
    guard (2.12.1)
      formatador (>= 0.2.4)
      listen (~> 2.7)
      lumberjack (~> 1.0)
      nenv (~> 0.1)
      notiffany (~> 0.0)
      pry (>= 0.9.12)
      shellany (~> 0.0)
      thor (>= 0.18.1)
    guard-nanoc (1.0.3)
      guard (~> 2.8)
      nanoc (~> 3.6)
    hitimes (1.2.2)
    html-proofer (2.1.0)
      addressable (~> 2.3)
      colored (~> 1.2)
      mercenary (~> 0.3.2)
      nokogiri (~> 1.5)
      parallel (~> 1.3)
      typhoeus (~> 0.7)
      yell (~> 2.0)
    kramdown (1.5.0)
    listen (2.8.5)
      celluloid (>= 0.15.2)
      rb-fsevent (>= 0.9.3)
      rb-inotify (>= 0.9)
    lumberjack (1.0.9)
    mercenary (0.3.5)
    method_source (0.8.2)
    mime-types (2.4.3)
    mini_portile (0.6.2)
    nanoc (3.7.5)
      cri (~> 2.3)
    nenv (0.2.0)
    nokogiri (1.6.6.2)
      mini_portile (~> 0.6.0)
    notiffany (0.0.5)
      nenv (~> 0.1)
      shellany (~> 0.0)
    parallel (1.4.0)
    pry (0.10.1)
      coderay (~> 1.1.0)
      method_source (~> 0.8.1)
      slop (~> 3.4)
    rack (1.6.0)
    rake (10.4.2)
    rb-fsevent (0.9.4)
    rb-inotify (0.9.5)
      ffi (>= 0.5.0)
    rouge (1.8.0)
    shellany (0.0.1)
    slop (3.6.0)
    thin (1.6.3)
      daemons (~> 1.0, >= 1.0.9)
      eventmachine (~> 1.0)
      rack (~> 1.0)
    thor (0.19.1)
    timers (4.0.1)
      hitimes
    typhoeus (0.7.1)
      ethon (>= 0.7.1)
    yajl-ruby (1.2.1)
    yell (2.0.5)

PLATFORMS
  ruby

DEPENDENCIES
  adsf
  builder
  coderay
  fssm
  guard-nanoc
  html-proofer
  kramdown
  mime-types
  nanoc
  nokogiri
  rake
  rouge
  thin
  yajl-ruby
